PATH
  remote: .
  specs:
    fuubar (0.0.2)
      rspec (~> 1.3)
      rspec-instafail (~> 0.1.4)
      ruby-progressbar (~> 0.0.9)

GEM
  remote: http://rubygems.org/
  specs:
    rspec (1.3.0)
    rspec-instafail (0.1.4)
    ruby-progressbar (0.0.9)

PLATFORMS
  ruby

DEPENDENCIES
  fuubar!
  rspec (~> 1.3)
  rspec-instafail (~> 0.1.4)
  ruby-progressbar (~> 0.0.9)
